PATH
  remote: .
  specs:
    speakap (0.1.9)

GEM
  remote: https://rubygems.org/
  specs:
    rake (10.5.0)

PLATFORMS
  ruby
  x64-mingw32

DEPENDENCIES
  bundler (~> 1.16)
  rake (~> 10.0)
  speakap!

BUNDLED WITH
   1.16.1
